GEM
  remote: https://rubygems.org/
  specs:
    execjs (2.0.2)
    json (1.8.1)
    sass (3.3.7)
    uglifier (2.5.0)
      execjs (>= 0.3.0)
      json (>= 1.8.0)

PLATFORMS
  ruby

DEPENDENCIES
  sass
  uglifier
